GEM
  remote: https://rubygems.org/
  specs:
    CFPropertyList (2.2.8)
    ast (2.3.0)
    diff-lcs (1.2.5)
    facter (2.4.6)
      CFPropertyList (~> 2.2.6)
    git (1.3.0)
    hiera (1.3.4)
      json_pure
    json_pure (2.0.2)
    metaclass (0.0.4)
    mocha (1.2.1)
      metaclass (~> 0.0.1)
    parser (2.3.3.1)
      ast (~> 2.2)
    powerpack (0.1.1)
    puppet (3.7.5)
      facter (> 1.6, < 3)
      hiera (~> 1.0)
      json_pure
    puppet-lint (1.1.0)
    puppet-syntax (2.2.0)
      rake
    puppetlabs_spec_helper (1.1.1)
      mocha
      puppet-lint
      puppet-syntax
      rake
      rspec-puppet
    rainbow (2.2.1)
    rake (10.5.0)
    rspec (3.5.0)
      rspec-core (~> 3.5.0)
      rspec-expectations (~> 3.5.0)
      rspec-mocks (~> 3.5.0)
    rspec-core (3.5.4)
      rspec-support (~> 3.5.0)
    rspec-expectations (3.5.0)
      diff-lcs (>= 1.2.0, < 2.0)
      rspec-support (~> 3.5.0)
    rspec-mocks (3.5.0)
      diff-lcs (>= 1.2.0, < 2.0)
      rspec-support (~> 3.5.0)
    rspec-puppet (2.3.2)
      rspec
    rspec-support (3.5.0)
    rubocop (0.39.0)
      parser (>= 2.3.0.7, < 3.0)
      powerpack (~> 0.1)
      rainbow (>= 1.99.1, < 3.0)
      ruby-progressbar (~> 1.7)
      unicode-display_width (~> 1.0, >= 1.0.1)
    ruby-progressbar (1.8.1)
    safe_yaml (1.0.4)
    unicode-display_width (1.1.2)

PLATFORMS
  ruby

DEPENDENCIES
  git (= 1.3.0)
  puppet (~> 3.7.0)
  puppet-lint (= 1.1.0)
  puppetlabs_spec_helper (< 2.0.0)
  rake (~> 10.4, >= 10.4.2)
  rspec-puppet (~> 2.3.2)
  rubocop (~> 0.39.0)
  safe_yaml (~> 1.0.4)
