GEM
  remote: https://rubygems.org/
  specs:
    diff-lcs (1.2.5)
    facter (1.7.6)
    hiera (1.3.4)
      json_pure
    json_pure (1.8.3)
    puppet (3.4.3)
      facter (~> 1.6)
      hiera (~> 1.0)
      rgen (~> 0.6.5)
    rake (11.1.2)
    rgen (0.6.6)
    rspec (3.4.0)
      rspec-core (~> 3.4.0)
      rspec-expectations (~> 3.4.0)
      rspec-mocks (~> 3.4.0)
    rspec-core (3.4.2)
      rspec-support (~> 3.4.0)
    rspec-expectations (3.4.0)
      diff-lcs (>= 1.2.0, < 2.0)
      rspec-support (~> 3.4.0)
    rspec-mocks (3.4.1)
      diff-lcs (>= 1.2.0, < 2.0)
      rspec-support (~> 3.4.0)
    rspec-puppet (2.3.2)
      rspec
    rspec-support (3.4.1)

PLATFORMS
  ruby

DEPENDENCIES
  puppet (= 3.4.3)
  rake (= 11.1.2)
  rspec-puppet (= 2.3.2)

BUNDLED WITH
   1.10.6
