GEM
  remote: http://rubygems.org/
  specs:
    facter (1.6.13)
    metaclass (0.0.1)
    mocha (0.12.7)
      metaclass (~> 0.0.1)
    puppet (2.7.19)
      facter (~> 1.5)
    rake (0.8.7)
    rspec (1.2.9)

PLATFORMS
  ruby

DEPENDENCIES
  mocha (~> 0.12.7)
  puppet (~> 2.7)
  rake (~> 0.8.7)
  rspec (~> 1.2.9)
