GEM
  remote: https://rubygems.org/
  specs:
    facter (1.7.2)
    metaclass (0.0.1)
    mocha (0.12.10)
      metaclass (~> 0.0.1)
    puppet (2.7.22)
      facter (~> 1.5)
    rake (0.8.7)
    rspec (1.3.2)

PLATFORMS
  ruby

DEPENDENCIES
  mocha (~> 0.12.9)
  puppet (~> 2.7)
  rake (~> 0.8.7)
  rspec (~> 1.3)
